PATH
  remote: .
  specs:
    iyyov (1.3.1-java)
      logrotate (= 1.2.1)
      rjack-logback (~> 1.2)
      rjack-slf4j (>= 1.6.5, < 1.8)

GEM
  remote: https://rubygems.org/
  specs:
    hashdot-test-daemon (1.2.4-java)
      rjack-logback (~> 1.2)
      rjack-slf4j (>= 1.6.5, < 1.8)
    json (1.8.6-java)
    logrotate (1.2.1)
    minitest (4.7.5)
    rake (12.3.2)
    rdoc (4.0.1)
      json (~> 1.4)
    rjack-logback (1.9.0-java)
      rjack-slf4j (~> 1.7.16)
    rjack-maven (3.0.5.0-java)
    rjack-slf4j (1.7.25.0-java)
    rjack-tarpit (2.1.2-java)
      rake (>= 0.9.2.2)
      rjack-maven (~> 3.0.4)

PLATFORMS
  java
  universal-java-1.8

DEPENDENCIES
  hashdot-test-daemon (~> 1.2)
  iyyov!
  minitest (~> 4.7.4)
  rdoc (~> 4.0.1)
  rjack-tarpit (~> 2.1)

BUNDLED WITH
   1.17.3
