PATH
  remote: .
  specs:
    iyyov (1.1.2-java)
      logrotate (= 1.2.1)
      rjack-logback (~> 1.1)
      rjack-slf4j (~> 1.6.1)

GEM
  remote: http://rubygems.org/
  specs:
    hashdot-test-daemon (1.2.2-java)
      rjack-logback (~> 1.1)
      rjack-slf4j (~> 1.6.1)
    json (1.6.4-java)
    logrotate (1.2.1)
    minitest (2.10.0)
    rake (0.9.2.2)
    rdoc (3.12)
      json (~> 1.4)
    rjack-logback (1.3.0-java)
      rjack-slf4j (~> 1.6.0)
    rjack-maven (3.0.3.1-java)
    rjack-slf4j (1.6.4.0-java)
    rjack-tarpit (2.0.a.0-java)
      rake (~> 0.9.2)
      rdoc (~> 3.6)
      rjack-maven (~> 3.0)

PLATFORMS
  java

DEPENDENCIES
  hashdot-test-daemon (~> 1.2)
  iyyov!
  minitest (~> 2.2)
  rjack-tarpit (~> 2.0.a.0)
